PATH
  remote: .
  specs:
    piet (0.2.2)
      png_quantizator

GEM
  remote: http://rubygems.org/
  specs:
    ZenTest (4.10.0)
    activemodel (4.1.1)
      activesupport (= 4.1.1)
      builder (~> 3.1)
    activesupport (4.1.1)
      i18n (~> 0.6, >= 0.6.9)
      json (~> 1.7, >= 1.7.7)
      minitest (~> 5.1)
      thread_safe (~> 0.1)
      tzinfo (~> 1.1)
    builder (3.2.2)
    carrierwave (0.10.0)
      activemodel (>= 3.2.0)
      activesupport (>= 3.2.0)
      json (>= 1.7)
      mime-types (>= 1.16)
    diff-lcs (1.2.5)
    i18n (0.6.9)
    json (1.8.1)
    mime-types (2.2)
    mini_magick (3.7.0)
      subexec (~> 0.2.1)
    minitest (5.3.3)
    png_quantizator (0.1.1)
    rake (10.3.2)
    rmagick (2.13.2)
    rspec (2.14.1)
      rspec-core (~> 2.14.0)
      rspec-expectations (~> 2.14.0)
      rspec-mocks (~> 2.14.0)
    rspec-core (2.14.8)
    rspec-expectations (2.14.5)
      diff-lcs (>= 1.1.3, < 2.0)
    rspec-mocks (2.14.6)
    subexec (0.2.3)
    thread_safe (0.3.3)
    tzinfo (1.1.0)
      thread_safe (~> 0.1)

PLATFORMS
  ruby

DEPENDENCIES
  ZenTest
  carrierwave
  mini_magick
  piet!
  rake
  rmagick
  rspec
